PATH
  remote: .
  specs:
    rtist (0.0.1)
      rmagick (~> 3.0)

GEM
  remote: https://rubygems.org/
  specs:
    rake (10.5.0)
    rmagick (3.0.0)

PLATFORMS
  ruby

DEPENDENCIES
  bundler (~> 2.0)
  rake (~> 10.0)
  rtist!

BUNDLED WITH
   2.0.1
